GEM
  specs:
    base64 (0.2.0)
    logger (1.6.0)
    rexml (3.3.2)
      strscan
    rubyzip (2.3.2)
    selenium-devtools (0.126.0)
      selenium-webdriver (~> 4.2)
    selenium-webdriver (4.23.0)
      base64 (~> 0.2)
      logger (~> 1.4)
      rexml (~> 3.2, >= 3.2.5)
      rubyzip (>= 1.2.2, < 3.0)
      websocket (~> 1.0)
    strscan (3.1.0)
    websocket (1.2.11)

PLATFORMS
  x64-mingw-ucrt

DEPENDENCIES
  selenium-devtools (= 0.126.0)
  selenium-webdriver

BUNDLED WITH
   2.4.19
